PATH
  remote: .
  specs:
    loupe (0.1.5)
      drb (~> 2.0)
      io-console (~> 0.5)

GEM
  remote: https://rubygems.org/
  specs:
    activesupport (6.1.4.1)
      concurrent-ruby (~> 1.0, >= 1.0.2)
      i18n (>= 1.6, < 2)
      minitest (>= 5.1)
      tzinfo (~> 2.0)
      zeitwerk (~> 2.3)
    ast (2.4.2)
    backport (1.2.0)
    benchmark (0.1.1)
    byebug (11.1.3)
    concurrent-ruby (1.1.9)
    diff-lcs (1.4.4)
    drb (2.0.4)
    e2mmap (0.1.0)
    i18n (1.8.10)
      concurrent-ruby (~> 1.0)
    io-console (0.5.9)
    jaro_winkler (1.5.4)
    kramdown (2.3.1)
      rexml
    kramdown-parser-gfm (1.1.0)
      kramdown (~> 2.0)
    minitest (5.14.4)
    mocha (1.13.0)
    nokogiri (1.12.5-arm64-darwin)
      racc (~> 1.4)
    nokogiri (1.12.5-x86_64-darwin)
      racc (~> 1.4)
    nokogiri (1.12.5-x86_64-linux)
      racc (~> 1.4)
    parallel (1.21.0)
    parser (3.0.2.0)
      ast (~> 2.4.1)
    purdytest (2.0.0)
      minitest (~> 5.5)
    racc (1.5.2)
    rainbow (3.0.0)
    rake (13.0.6)
    regexp_parser (2.1.1)
    reverse_markdown (2.0.0)
      nokogiri
    rexml (3.2.5)
    rubocop (1.22.1)
      parallel (~> 1.10)
      parser (>= 3.0.0.0)
      rainbow (>= 2.2.2, < 4.0)
      regexp_parser (>= 1.8, < 3.0)
      rexml
      rubocop-ast (>= 1.12.0, < 2.0)
      ruby-progressbar (~> 1.7)
      unicode-display_width (>= 1.4.0, < 3.0)
    rubocop-ast (1.12.0)
      parser (>= 3.0.1.1)
    rubocop-minitest (0.15.1)
      rubocop (>= 0.90, < 2.0)
    rubocop-packaging (0.5.1)
      rubocop (>= 0.89, < 2.0)
    rubocop-performance (1.11.5)
      rubocop (>= 1.7.0, < 2.0)
      rubocop-ast (>= 0.4.0)
    rubocop-rake (0.6.0)
      rubocop (~> 1.0)
    ruby-progressbar (1.11.0)
    solargraph (0.44.0)
      backport (~> 1.2)
      benchmark
      bundler (>= 1.17.2)
      diff-lcs (~> 1.4)
      e2mmap
      jaro_winkler (~> 1.5)
      kramdown (~> 2.3)
      kramdown-parser-gfm (~> 1.1)
      parser (~> 3.0)
      reverse_markdown (>= 1.0.5, < 3)
      rubocop (>= 0.52)
      thor (~> 1.0)
      tilt (~> 2.0)
      yard (~> 0.9, >= 0.9.24)
    thor (1.1.0)
    tilt (2.0.10)
    tzinfo (2.0.4)
      concurrent-ruby (~> 1.0)
    unicode-display_width (2.1.0)
    yard (0.9.26)
    zeitwerk (2.4.2)

PLATFORMS
  arm64-darwin-20
  x86_64-darwin-20
  x86_64-linux

DEPENDENCIES
  activesupport
  byebug
  loupe!
  minitest
  mocha
  purdytest
  rake
  rubocop
  rubocop-minitest
  rubocop-packaging
  rubocop-performance
  rubocop-rake
  solargraph
  yard

BUNDLED WITH
   2.2.27
