PATH
  remote: .
  specs:
    ant (0.1.0)
      thor (~> 1.1)

GEM
  remote: https://rubygems.org/
  specs:
    ast (2.4.2)
    byebug (11.1.3)
    coderay (1.1.3)
    colorize (0.8.1)
    commander (4.5.2)
      highline (~> 2.0.0)
    highline (2.0.3)
    method_source (1.0.0)
    minitest (5.14.4)
    mocha (1.12.0)
    parallel (1.20.1)
    parlour (6.0.0)
      commander (~> 4.5)
      parser
      rainbow (~> 3.0)
      sorbet-runtime (>= 0.5)
    parser (3.0.0.0)
      ast (~> 2.4.1)
    pry (0.14.0)
      coderay (~> 1.1)
      method_source (~> 1.0)
    purdytest (2.0.0)
      minitest (~> 5.5)
    rainbow (3.0.0)
    rake (13.0.3)
    rake-compiler (1.1.1)
      rake
    regexp_parser (2.1.1)
    rexml (3.2.4)
    rubocop (1.11.0)
      parallel (~> 1.10)
      parser (>= 3.0.0.0)
      rainbow (>= 2.2.2, < 4.0)
      regexp_parser (>= 1.8, < 3.0)
      rexml
      rubocop-ast (>= 1.2.0, < 2.0)
      ruby-progressbar (~> 1.7)
      unicode-display_width (>= 1.4.0, < 3.0)
    rubocop-ast (1.4.1)
      parser (>= 2.7.1.5)
    rubocop-minitest (0.10.3)
      rubocop (>= 0.87, < 2.0)
    rubocop-packaging (0.5.1)
      rubocop (>= 0.89, < 2.0)
    rubocop-performance (1.10.1)
      rubocop (>= 0.90.0, < 2.0)
      rubocop-ast (>= 0.4.0)
    rubocop-rake (0.5.1)
      rubocop
    rubocop-sorbet (0.5.1)
      rubocop
    ruby-progressbar (1.11.0)
    sorbet (0.5.6330)
      sorbet-static (= 0.5.6330)
    sorbet-runtime (0.5.6330)
    sorbet-static (0.5.6330-universal-darwin-20)
    spoom (1.0.9)
      colorize
      sorbet (~> 0.5.5)
      sorbet-runtime
      thor (>= 0.19.2)
    tapioca (0.4.15)
      bundler (>= 1.17.3)
      parlour (>= 2.1.0)
      pry (>= 0.12.2)
      sorbet-runtime
      sorbet-static (>= 0.4.4471)
      spoom
      thor (>= 0.19.2)
    thor (1.1.0)
    unicode-display_width (2.0.0)

PLATFORMS
  arm64-darwin-20

DEPENDENCIES
  ant!
  byebug
  minitest
  mocha
  purdytest
  rake
  rake-compiler
  rubocop
  rubocop-minitest
  rubocop-packaging
  rubocop-performance
  rubocop-rake
  rubocop-sorbet
  sorbet
  tapioca

BUNDLED WITH
   2.2.13
